PATH
  remote: .
  specs:
    has_draft (2.0.0)
      activerecord (>= 6.0.0)
      activesupport (>= 6.0.0)

GEM
  remote: https://rubygems.org/
  specs:
    activemodel (6.1.0)
      activesupport (= 6.1.0)
    activerecord (6.1.0)
      activemodel (= 6.1.0)
      activesupport (= 6.1.0)
    activesupport (6.1.0)
      concurrent-ruby (~> 1.0, >= 1.0.2)
      i18n (>= 1.6, < 2)
      minitest (>= 5.1)
      tzinfo (~> 2.0)
      zeitwerk (~> 2.3)
    appraisal (2.2.0)
      bundler
      rake
      thor (>= 0.14.0)
    concurrent-ruby (1.1.7)
    diff-lcs (1.4.4)
    factory_bot (4.11.1)
      activesupport (>= 3.0.0)
    faker (1.9.6)
      i18n (>= 0.7)
    i18n (1.8.7)
      concurrent-ruby (~> 1.0)
    minitest (5.14.2)
    rake (13.0.3)
    rspec (3.10.0)
      rspec-core (~> 3.10.0)
      rspec-expectations (~> 3.10.0)
      rspec-mocks (~> 3.10.0)
    rspec-core (3.10.1)
      rspec-support (~> 3.10.0)
    rspec-expectations (3.10.1)
      diff-lcs (>= 1.2.0, < 2.0)
      rspec-support (~> 3.10.0)
    rspec-mocks (3.10.1)
      diff-lcs (>= 1.2.0, < 2.0)
      rspec-support (~> 3.10.0)
    rspec-support (3.10.1)
    sqlite3 (1.4.2)
    thor (1.0.1)
    tzinfo (2.0.4)
      concurrent-ruby (~> 1.0)
    zeitwerk (2.4.2)

PLATFORMS
  ruby

DEPENDENCIES
  appraisal (~> 2.2.0)
  factory_bot (~> 4.11)
  faker (~> 1.9.1)
  has_draft!
  rake
  rspec (~> 3.8)
  sqlite3 (~> 1.4)

BUNDLED WITH
   1.17.2
